PATH
  remote: .
  specs:
    fog (0.3.13)

GEM
  remote: http://rubygems.org/
  specs:

PLATFORMS
  ruby

DEPENDENCIES
  fog!
