PATH
  remote: .
  specs:
    fog (0.3.0)
      builder
      excon (>= 0.2.1)
      formatador (>= 0.0.15)
      json
      mime-types
      net-ssh (~> 2.0.23)
      nokogiri (~> 1.4.3.1)
      ruby-hmac

GEM
  remote: http://rubygems.org/
  specs:
    builder (2.1.2)
    excon (0.2.1)
    formatador (0.0.15)
    gestalt (0.0.11)
      formatador (>= 0.0.12)
    json (1.4.6)
    mime-types (1.16)
    net-ssh (2.0.23)
    nokogiri (1.4.3.1)
    rake (0.8.7)
    rspec (1.3.0)
    ruby-hmac (0.4.0)
    shindo (0.1.6)
      formatador (>= 0.0.14)
      gestalt (>= 0.0.11)

PLATFORMS
  ruby

DEPENDENCIES
  builder
  excon (>= 0.2.1)
  fog!
  formatador (>= 0.0.15)
  json
  mime-types
  net-ssh (~> 2.0.23)
  nokogiri (~> 1.4.3.1)
  rake
  rspec
  ruby-hmac
  shindo (= 0.1.6)
