PATH
  remote: .
  specs:
    fog (0.5.3)
      builder
      excon (>= 0.5.5)
      formatador (>= 0.0.16)
      json
      mime-types
      net-ssh (>= 2.0.23)
      nokogiri (>= 1.4.4)
      ruby-hmac

GEM
  remote: http://rubygems.org/
  specs:
    builder (3.0.0)
    excon (0.5.6)
    formatador (0.0.16)
    json (1.5.1)
    mime-types (1.16)
    net-ssh (2.1.0)
    nokogiri (1.4.4)
    rake (0.8.7)
    rspec (1.3.1)
    ruby-hmac (0.4.0)
    shindo (0.2.2)
      formatador (>= 0.0.16)

PLATFORMS
  ruby

DEPENDENCIES
  fog!
  rake
  rspec (= 1.3.1)
  shindo (= 0.2.2)
