GEM
  remote: http://rubygems.org/
  specs:
    aws-s3 (0.6.2)
      builder
      mime-types
      xml-simple
    builder (2.1.2)
    excon (0.2.4)
    formatador (0.0.15)
    gestalt (0.0.11)
      formatador (>= 0.0.12)
    json (1.4.6)
    mime-types (1.16)
    net-ssh (2.0.23)
    nokogiri (1.4.3.1)
    rake (0.8.7)
    right_aws (2.0.0)
      right_http_connection (>= 1.2.1)
    right_http_connection (1.2.4)
    rspec (1.3.0)
    ruby-hmac (0.4.0)
    shindo (0.1.7)
      formatador (>= 0.0.14)
      gestalt (>= 0.0.11)
    xml-simple (1.0.12)

PLATFORMS
  ruby

DEPENDENCIES
  aws-s3 (= 0.6.2)
  builder (= 2.1.2)
  bundler (~> 1.0.3)
  excon (>= 0.2.4)
  formatador (>= 0.0.15)
  gestalt (>= 0.0.11)
  json (= 1.4.6)
  mime-types (= 1.16)
  net-ssh (~> 2.0.23)
  nokogiri (~> 1.4.3.1)
  rake (= 0.8.7)
  right_aws (= 2.0.0)
  right_http_connection (= 1.2.4)
  rspec (= 1.3.0)
  ruby-hmac (= 0.4.0)
  shindo (= 0.1.7)
  xml-simple (= 1.0.12)
