GEM
  remote: http://rubygems.org/
  specs:
    Saikuro (1.1.0)
    activesupport (3.0.1)
    archive-tar-minitar (0.5.2)
    arrayfields (4.7.4)
    aruba (0.2.4)
      background_process
      cucumber (~> 0.9.3)
    aws-s3 (0.6.2)
      builder
      mime-types
      xml-simple
    background_process (1.2)
    builder (2.1.2)
    chronic (0.2.3)
      hoe (>= 1.2.1)
    churn (0.0.12)
      chronic (~> 0.2.3)
      hirb
      json_pure
      main
      ruby_parser (~> 2.0.4)
      sexp_processor (~> 3.0.3)
    colored (1.2)
    columnize (0.3.1)
    configuration (1.1.0)
    cucumber (0.9.3)
      builder (~> 2.1.2)
      diff-lcs (~> 1.1.2)
      gherkin (~> 2.2.9)
      json (~> 1.4.6)
      term-ansicolor (~> 1.0.5)
    diff-lcs (1.1.2)
    excon (0.2.4)
    fakefs (0.2.1)
    fakefs-require (0.2.1)
      fakefs
    fattr (2.2.0)
    ffi (0.6.3)
      rake (>= 0.8.7)
    flay (1.4.1)
      ruby_parser (~> 2.0)
      sexp_processor (~> 3.0)
    flog (2.5.0)
      ruby_parser (~> 2.0)
      sexp_processor (~> 3.0)
    formatador (0.0.16)
    gestalt (0.0.11)
      formatador (>= 0.0.12)
    gherkin (2.2.9)
      json (~> 1.4.6)
      term-ansicolor (~> 1.0.5)
    grit (2.3.0)
      diff-lcs (~> 1.1)
      mime-types (~> 1.15)
    guard (0.2.2)
      open_gem (~> 1.4.2)
      thor (~> 0.14.3)
    guard-bundler (0.1.1)
      guard (>= 0.2.2)
    guard-cucumber (0.2.0)
      cucumber (~> 0.9.2)
      guard (~> 0.2.2)
    guard-rspec (0.1.7)
      guard (>= 0.2.0)
    guard-shell (0.1.1)
      guard (>= 0.2.0)
    hirb (0.3.5)
    hoe (2.7.0)
      rake (>= 0.8.7)
      rubyforge (>= 2.0.4)
    i18n (0.4.2)
    json (1.4.6)
    json_pure (1.4.6)
    launchy (0.3.7)
      configuration (>= 0.0.5)
      rake (>= 0.8.1)
    libnotify (0.3.0)
      ffi (>= 0.6.2)
    linecache19 (0.5.11)
      ruby_core_source (>= 0.1.4)
    main (4.3.0)
      arrayfields (>= 4.7.4)
      fattr (>= 2.1.0)
    metric_fu (2.0.1)
      Saikuro (>= 1.1.0)
      activesupport (>= 2.0.0)
      chronic (~> 0.2.3)
      churn (>= 0.0.7)
      flay (>= 1.2.1)
      flog (>= 2.2.0)
      rails_best_practices (>= 0.3.16)
      rcov (>= 0.8.3.3)
      reek (>= 1.2.6)
      roodi (>= 2.1.0)
    mime-types (1.16)
    net-ssh (2.0.23)
    nokogiri (1.4.3.1)
    open_gem (1.4.2)
      launchy (~> 0.3.5)
    progressbar (0.9.0)
    rails_best_practices (0.5.0)
      activesupport
      colored (~> 1.2)
      progressbar (~> 0.9.0)
      ruby_parser (~> 2.0.4)
    rake (0.8.7)
    rb-inotify (0.8.1)
      ffi (>= 0.5.0)
    rcov (0.9.9)
    reek (1.2.8)
      ruby2ruby (~> 1.2)
      ruby_parser (~> 2.0)
      sexp_processor (~> 3.0)
    right_aws (2.0.0)
      right_http_connection (>= 1.2.1)
    right_http_connection (1.2.4)
    roodi (2.1.0)
      ruby_parser
    rspec (2.1.0)
      rspec-core (~> 2.1.0)
      rspec-expectations (~> 2.1.0)
      rspec-mocks (~> 2.1.0)
    rspec-core (2.1.0)
    rspec-expectations (2.1.0)
      diff-lcs (~> 1.1.2)
    rspec-mocks (2.1.0)
    ruby-debug-base19 (0.11.24)
      columnize (>= 0.3.1)
      linecache19 (>= 0.5.11)
      ruby_core_source (>= 0.1.4)
    ruby-debug-ide19 (0.4.12)
      ruby-debug-base19 (~> 0.11.20)
    ruby-debug19 (0.11.6)
      columnize (>= 0.3.1)
      linecache19 (>= 0.5.11)
      ruby-debug-base19 (>= 0.11.19)
    ruby-hmac (0.4.0)
    ruby2ruby (1.2.5)
      ruby_parser (~> 2.0)
      sexp_processor (~> 3.0)
    ruby_core_source (0.1.4)
      archive-tar-minitar (>= 0.5.2)
    ruby_parser (2.0.5)
      sexp_processor (~> 3.0)
    rubyforge (2.0.4)
      json_pure (>= 1.1.7)
    sexp_processor (3.0.5)
    shindo (0.1.7)
      formatador (>= 0.0.14)
      gestalt (>= 0.0.11)
    term-ansicolor (1.0.5)
    thor (0.14.4)
    xml-simple (1.0.12)
    yard (0.6.2)

PLATFORMS
  ruby

DEPENDENCIES
  activesupport (= 3.0.1)
  archive-tar-minitar (= 0.5.2)
  arrayfields (= 4.7.4)
  aruba (= 0.2.4)
  aws-s3 (= 0.6.2)
  builder (= 2.1.2)
  chronic (= 0.2.3)
  churn (= 0.0.12)
  colored (= 1.2)
  columnize (= 0.3.1)
  configuration (= 1.1.0)
  cucumber (= 0.9.3)
  excon (>= 0.2.4)
  fakefs (= 0.2.1)
  fakefs-require (= 0.2.1)
  fattr (= 2.2.0)
  ffi (= 0.6.3)
  flay (= 1.4.1)
  flog (= 2.5.0)
  formatador (>= 0.0.15)
  gestalt (>= 0.0.11)
  grit (= 2.3.0)
  guard (= 0.2.2)
  guard-bundler (= 0.1.1)
  guard-cucumber (= 0.2.0)
  guard-rspec (= 0.1.7)
  guard-shell (= 0.1.1)
  hirb (= 0.3.5)
  hoe (= 2.7.0)
  i18n (>= 0.4.2)
  json (= 1.4.6)
  json_pure (= 1.4.6)
  launchy (= 0.3.7)
  libnotify (= 0.3.0)
  linecache19 (= 0.5.11)
  main (= 4.3.0)
  metric_fu (= 2.0.1)
  mime-types (= 1.16)
  net-ssh (~> 2.0.23)
  nokogiri (~> 1.4.3.1)
  open_gem (= 1.4.2)
  progressbar (= 0.9.0)
  rails_best_practices (= 0.5.0)
  rake (= 0.8.7)
  rb-inotify (= 0.8.1)
  rcov (= 0.9.9)
  reek (= 1.2.8)
  right_aws (= 2.0.0)
  right_http_connection (= 1.2.4)
  roodi (= 2.1.0)
  rspec (~> 2.1.0)
  ruby-debug-base19
  ruby-debug-ide19 (~> 0.4.10)
  ruby-debug19
  ruby-hmac (= 0.4.0)
  ruby2ruby (= 1.2.5)
  ruby_core_source (= 0.1.4)
  ruby_parser (= 2.0.5)
  rubyforge (= 2.0.4)
  sexp_processor (= 3.0.5)
  shindo (= 0.1.7)
  thor (= 0.14.4)
  xml-simple (= 1.0.12)
  yard (= 0.6.2)
